GEM
  remote: https://rubygems.org/
  specs:
    awesome_bot (1.18.0)
      parallel (= 1.12.0)
    kramdown (1.17.0)
    mdl (0.5.0)
      kramdown (~> 1.12, >= 1.12.0)
      mixlib-cli (~> 1.7, >= 1.7.0)
      mixlib-config (~> 2.2, >= 2.2.1)
    mixlib-cli (1.7.0)
    mixlib-config (2.2.13)
      tomlrb
    parallel (1.12.0)
    tomlrb (1.2.7)

PLATFORMS
  ruby

DEPENDENCIES
  awesome_bot
  mdl

BUNDLED WITH
   2.3.6
